GEM
  remote: https://rubygems.org/
  specs:
    addressable (2.8.7)
      public_suffix (>= 2.0.2, < 7.0)
    base64 (0.2.0)
    colorize (0.8.1)
    commander (4.6.0)
      highline (~> 2.0.0)
    diffy (3.4.3)
    faraday (2.8.1)
      base64
      faraday-net_http (>= 2.0, < 3.1)
      ruby2_keywords (>= 0.0.4)
    faraday-net_http (3.0.2)
    highline (2.0.3)
    octokit (9.2.0)
      faraday (>= 1, < 3)
      sawyer (~> 0.9)
    polyglot (0.3.5)
    public_suffix (5.1.1)
    ruby2_keywords (0.0.5)
    sawyer (0.9.2)
      addressable (>= 2.3.5)
      faraday (>= 0.17.3, < 3)
    terraform_landscape (0.3.4)
      colorize (~> 0.7)
      commander (~> 4.4)
      diffy (~> 3.0)
      treetop (~> 1.6)
    treetop (1.6.12)
      polyglot (~> 0.3)

PLATFORMS
  ruby

DEPENDENCIES
  octokit
  terraform_landscape

BUNDLED WITH
   2.1.4
